GEM
  remote: http://rubygems.org/
  specs:
    addressable (2.2.7)
    cloudfoundry-env (0.0.5)
      hashie
    daemons (1.1.8)
    emk-sinatra-url-for (0.2.1)
      sinatra (>= 0.9.1.1)
    eventmachine (0.12.10)
    faraday (0.7.6)
      addressable (~> 2.2)
      multipart-post (~> 1.1)
      rack (~> 1.1)
    haml (3.1.4)
    hashie (1.2.0)
    interact (0.4.2)
    json (1.6.6)
    json_pure (1.6.6)
    koala (1.4.0)
      faraday (~> 0.7.0)
      multi_json (~> 1.0)
    logger (1.2.8)
    mime-types (1.18)
    multi_json (1.2.0)
    multipart-post (1.1.5)
    rack (1.4.1)
    rack-protection (1.2.0)
      rack
    redis (2.2.2)
    rest-client (1.6.7)
      mime-types (>= 1.16)
    ruby-hmac (0.4.0)
    rubyzip (0.9.6.1)
    sinatra (1.3.2)
      rack (~> 1.3, >= 1.3.6)
      rack-protection (~> 1.2)
      tilt (~> 1.3, >= 1.3.3)
    terminal-table (1.4.5)
    thin (1.3.1)
      daemons (>= 1.0.9)
      eventmachine (>= 0.12.6)
      rack (>= 1.0.0)
    tilt (1.3.3)
    uuidtools (2.1.2)
    vmc (0.3.16.beta.5)
      addressable (~> 2.2.6)
      interact (~> 0.4.0)
      json_pure (>= 1.5.1, < 1.7.0)
      rest-client (>= 1.6.1, < 1.7.0)
      rubyzip (~> 0.9.4)
      terminal-table (~> 1.4.2)
      uuidtools (~> 2.1.0)

PLATFORMS
  ruby

DEPENDENCIES
  cloudfoundry-env (~> 0.0.5)
  emk-sinatra-url-for
  haml
  hashie
  json
  koala
  logger
  redis
  ruby-hmac
  sinatra
  thin
  vmc (~> 0.3.16.beta.5)
